PATH
  remote: .
  specs:
    twitcher (0.1.0)
      httparty
      rake (~> 13.0)

GEM
  remote: https://rubygems.org/
  specs:
    httparty (0.18.1)
      mime-types (~> 3.0)
      multi_xml (>= 0.5.2)
    mime-types (3.3.1)
      mime-types-data (~> 3.2015)
    mime-types-data (3.2021.0225)
    multi_xml (0.6.0)
    rake (13.0.3)

PLATFORMS
  arm64-darwin-20

DEPENDENCIES
  twitcher!

BUNDLED WITH
   2.2.15
